PATH
  remote: .
  specs:
    mongodb_rest_engine (0.4.0.1)
      bson_ext
      mongo

GEM
  remote: http://rubygems.org/
  specs:
    bson (1.3.1)
    bson_ext (1.3.1)
    diff-lcs (1.1.2)
    mongo (1.3.1)
      bson (>= 1.3.1)
    rspec (2.6.0)
      rspec-core (~> 2.6.0)
      rspec-expectations (~> 2.6.0)
      rspec-mocks (~> 2.6.0)
    rspec-core (2.6.4)
    rspec-expectations (2.6.0)
      diff-lcs (~> 1.1.2)
    rspec-mocks (2.6.0)

PLATFORMS
  ruby

DEPENDENCIES
  bson
  bson_ext
  mongo
  mongodb_rest_engine!
  rspec
