PATH
  remote: .
  specs:
    mongodb_rest_engine (0.2.1)
      bson_ext
      mongo

GEM
  remote: http://rubygems.org/
  specs:
    bson (1.3.1)
    bson_ext (1.3.1)
    mongo (1.3.1)
      bson (>= 1.3.1)

PLATFORMS
  ruby

DEPENDENCIES
  bson
  bson_ext
  mongo
  mongodb_rest_engine!
